GEM
  remote: https://rubygems.org/
  specs:
    amq-protocol (2.3.0)
    bunny (2.14.4)
      amq-protocol (~> 2.3, >= 2.3.0)
    facter (4.0.13)
      hocon (~> 1.3)
      thor (>= 1.0.1, < 2.0)
    hocon (1.3.0)
    json (2.3.0)
    parseconfig (1.0.8)
    thor (1.0.1)

PLATFORMS
  ruby

DEPENDENCIES
  bunny
  facter
  json
  parseconfig

BUNDLED WITH
   1.17.2
